GEM
  remote: http://rubygems.org/
  specs:
    activesupport (2.3.11)
    git (1.2.5)
    jeweler (1.5.2)
      bundler (~> 1.0.0)
      git (>= 1.2.5)
      rake
    jferris-mocha (0.9.8.20100526112143)
      rake
    memcached (0.20.1)
    mysql (2.8.1)
    rake (0.8.7)
    rcov (0.9.9)
    rspec (1.3.1)
    rufus-json (0.2.5)
    sequel (3.16.0)
    will_paginate (2.3.15)
    yajl-ruby (0.7.9)

PLATFORMS
  ruby

DEPENDENCIES
  activesupport (~> 2.3.10)
  bundler (~> 1.0.0)
  jeweler (~> 1.5.2)
  jferris-mocha (~> 0.9.8.20100526112143)
  memcached (~> 0.20.1)
  mysql (~> 2.8.1)
  rcov (~> 0.9.9)
  rspec (~> 1.3.1)
  rufus-json (~> 0.2.3)
  sequel (~> 3.16.0)
  will_paginate (~> 2.3.15)
  yajl-ruby (~> 0.7.7)
