PATH
  remote: .
  specs:
    ihoka-friendly (0.7.0)
      activesupport (~> 2.3.18)
      rufus-json (~> 0.2.3)
      sequel (~> 3.16.0)
      will_paginate (~> 2.3.15)

GEM
  remote: https://rubygems.org/
  specs:
    activesupport (2.3.18)
    jferris-mocha (0.9.8.20100526112143)
      rake
    memcached (0.20.1)
    mysql (2.8.1)
    rake (10.1.0)
    rspec (1.3.2)
    rufus-json (0.2.7)
    sequel (3.16.0)
    will_paginate (2.3.16)
    yajl-ruby (0.7.9)

PLATFORMS
  ruby

DEPENDENCIES
  activesupport (~> 2.3.18)
  ihoka-friendly!
  jferris-mocha (~> 0.9.8.20100526112143)
  memcached (~> 0.20.1)
  mysql (~> 2.8.1)
  rspec (~> 1.3.1)
  rufus-json (~> 0.2.3)
  sequel (~> 3.16.0)
  will_paginate (~> 2.3.15)
  yajl-ruby (~> 0.7.7)
