GEM
  remote: http://rubygems.org/
  specs:
    activesupport (3.0.7)
    git (1.2.5)
    i18n (0.5.0)
    jeweler (1.5.2)
      bundler (~> 1.0.0)
      git (>= 1.2.5)
      rake
    jferris-mocha (0.9.8.20100526112143)
      rake
    memcached (0.20.1)
    mysql (2.8.1)
    rake (0.8.7)
    rcov (0.9.9)
    rspec (1.3.2)
    rufus-json (0.2.5)
    sequel (3.23.0)
    will_paginate (3.0.pre2)
    yajl-ruby (0.7.9)

PLATFORMS
  ruby

DEPENDENCIES
  activesupport (~> 3.0.0)
  bundler (~> 1.0.0)
  i18n (~> 0.5.0)
  jeweler (~> 1.5.2)
  jferris-mocha (~> 0.9.8.20100526112143)
  memcached (~> 0.20.1)
  mysql (~> 2.8.1)
  rcov (~> 0.9.9)
  rspec (~> 1.3.1)
  rufus-json (~> 0.2.3)
  sequel (>= 3.7.0)
  will_paginate (~> 3.0.pre2)
  yajl-ruby (~> 0.7.7)
